PATH
  remote: .
  specs:
    gitlab-active-context (0.0.1)
      activerecord
      activesupport
      connection_pool
      elasticsearch
      opensearch-ruby
      pg
      zeitwerk

GEM
  remote: https://rubygems.org/
  specs:
    actionpack (8.0.1)
      actionview (= 8.0.1)
      activesupport (= 8.0.1)
      nokogiri (>= 1.8.5)
      rack (>= 2.2.4)
      rack-session (>= 1.0.1)
      rack-test (>= 0.6.3)
      rails-dom-testing (~> 2.2)
      rails-html-sanitizer (~> 1.6)
      useragent (~> 0.16)
    actionview (8.0.1)
      activesupport (= 8.0.1)
      builder (~> 3.1)
      erubi (~> 1.11)
      rails-dom-testing (~> 2.2)
      rails-html-sanitizer (~> 1.6)
    activemodel (8.0.1)
      activesupport (= 8.0.1)
    activerecord (8.0.1)
      activemodel (= 8.0.1)
      activesupport (= 8.0.1)
      timeout (>= 0.4.0)
    activesupport (8.0.1)
      base64
      benchmark (>= 0.3)
      bigdecimal
      concurrent-ruby (~> 1.0, >= 1.3.1)
      connection_pool (>= 2.2.5)
      drb
      i18n (>= 1.6, < 2)
      logger (>= 1.4.2)
      minitest (>= 5.1)
      securerandom (>= 0.3)
      tzinfo (~> 2.0, >= 2.0.5)
      uri (>= 0.13.1)
    addressable (2.8.7)
      public_suffix (>= 2.0.2, < 7.0)
    ast (2.4.2)
    aws-eventstream (1.3.0)
    aws-partitions (1.1001.0)
    aws-sdk-core (3.214.0)
      aws-eventstream (~> 1, >= 1.3.0)
      aws-partitions (~> 1, >= 1.992.0)
      aws-sigv4 (~> 1.9)
      jmespath (~> 1, >= 1.6.1)
    aws-sigv4 (1.9.1)
      aws-eventstream (~> 1, >= 1.0.2)
    base64 (0.2.0)
    benchmark (0.4.0)
    bigdecimal (3.1.8)
    builder (3.3.0)
    byebug (11.1.3)
    concurrent-ruby (1.3.4)
    connection_pool (2.4.1)
    crack (1.0.0)
      bigdecimal
      rexml
    crass (1.0.6)
    date (3.4.1)
    diff-lcs (1.5.1)
    docile (1.4.1)
    drb (2.2.1)
    elasticsearch (7.17.11)
      elasticsearch-api (= 7.17.11)
      elasticsearch-transport (= 7.17.11)
    elasticsearch-api (7.17.11)
      multi_json
    elasticsearch-transport (7.17.11)
      base64
      faraday (>= 1, < 3)
      multi_json
    erubi (1.13.0)
    faraday (2.12.2)
      faraday-net_http (>= 2.0, < 3.5)
      json
      logger
    faraday-net_http (3.4.0)
      net-http (>= 0.5.0)
    faraday_middleware-aws-sigv4 (1.0.1)
      aws-sigv4 (~> 1.0)
      faraday (>= 2.0, < 3)
    gitlab-styles (13.0.2)
      rubocop (~> 1.68.0)
      rubocop-capybara (~> 2.21.0)
      rubocop-factory_bot (~> 2.26.1)
      rubocop-graphql (~> 1.5.4)
      rubocop-performance (~> 1.21.1)
      rubocop-rails (~> 2.26.0)
      rubocop-rspec (~> 3.0.4)
      rubocop-rspec_rails (~> 2.30.0)
    hashdiff (1.1.2)
    i18n (1.14.6)
      concurrent-ruby (~> 1.0)
    io-console (0.8.0)
    irb (1.14.1)
      rdoc (>= 4.0.0)
      reline (>= 0.4.2)
    jmespath (1.6.2)
    json (2.9.0)
    language_server-protocol (3.17.0.3)
    logger (1.6.2)
    loofah (2.23.1)
      crass (~> 1.0.2)
      nokogiri (>= 1.12.0)
    mini_portile2 (2.8.8)
    minitest (5.25.4)
    multi_json (1.15.0)
    net-http (0.6.0)
      uri
    nokogiri (1.17.1)
      mini_portile2 (~> 2.8.2)
      racc (~> 1.4)
    nokogiri (1.17.1-aarch64-linux)
      racc (~> 1.4)
    nokogiri (1.17.1-arm-linux)
      racc (~> 1.4)
    nokogiri (1.17.1-arm64-darwin)
      racc (~> 1.4)
    nokogiri (1.17.1-x86-linux)
      racc (~> 1.4)
    nokogiri (1.17.1-x86_64-darwin)
      racc (~> 1.4)
    nokogiri (1.17.1-x86_64-linux)
      racc (~> 1.4)
    opensearch-ruby (3.4.0)
      faraday (>= 1.0, < 3)
      multi_json (>= 1.0)
    parallel (1.26.3)
    parser (3.3.6.0)
      ast (~> 2.4.1)
      racc
    pg (1.5.9)
    psych (5.2.1)
      date
      stringio
    public_suffix (6.0.1)
    racc (1.8.1)
    rack (3.1.8)
    rack-session (2.0.0)
      rack (>= 3.0.0)
    rack-test (2.1.0)
      rack (>= 1.3)
    rackup (2.2.1)
      rack (>= 3)
    rails-dom-testing (2.2.0)
      activesupport (>= 5.0.0)
      minitest
      nokogiri (>= 1.6)
    rails-html-sanitizer (1.6.1)
      loofah (~> 2.21)
      nokogiri (>= 1.15.7, != 1.16.7, != 1.16.6, != 1.16.5, != 1.16.4, != 1.16.3, != 1.16.2, != 1.16.1, != 1.16.0.rc1, != 1.16.0)
    railties (8.0.1)
      actionpack (= 8.0.1)
      activesupport (= 8.0.1)
      irb (~> 1.13)
      rackup (>= 1.0.0)
      rake (>= 12.2)
      thor (~> 1.0, >= 1.2.2)
      zeitwerk (~> 2.6)
    rainbow (3.1.1)
    rake (13.2.1)
    rdoc (6.8.1)
      psych (>= 4.0.0)
    redis (5.3.0)
      redis-client (>= 0.22.0)
    redis-client (0.23.1)
      connection_pool
    regexp_parser (2.9.3)
    reline (0.5.12)
      io-console (~> 0.5)
    rexml (3.3.9)
    rspec (3.13.0)
      rspec-core (~> 3.13.0)
      rspec-expectations (~> 3.13.0)
      rspec-mocks (~> 3.13.0)
    rspec-core (3.13.2)
      rspec-support (~> 3.13.0)
    rspec-expectations (3.13.3)
      diff-lcs (>= 1.2.0, < 2.0)
      rspec-support (~> 3.13.0)
    rspec-mocks (3.13.2)
      diff-lcs (>= 1.2.0, < 2.0)
      rspec-support (~> 3.13.0)
    rspec-rails (7.1.0)
      actionpack (>= 7.0)
      activesupport (>= 7.0)
      railties (>= 7.0)
      rspec-core (~> 3.13)
      rspec-expectations (~> 3.13)
      rspec-mocks (~> 3.13)
      rspec-support (~> 3.13)
    rspec-support (3.13.2)
    rubocop (1.68.0)
      json (~> 2.3)
      language_server-protocol (>= 3.17.0)
      parallel (~> 1.10)
      parser (>= 3.3.0.2)
      rainbow (>= 2.2.2, < 4.0)
      regexp_parser (>= 2.4, < 3.0)
      rubocop-ast (>= 1.32.2, < 2.0)
      ruby-progressbar (~> 1.7)
      unicode-display_width (>= 2.4.0, < 3.0)
    rubocop-ast (1.36.2)
      parser (>= 3.3.1.0)
    rubocop-capybara (2.21.0)
      rubocop (~> 1.41)
    rubocop-factory_bot (2.26.1)
      rubocop (~> 1.61)
    rubocop-graphql (1.5.4)
      rubocop (>= 1.50, < 2)
    rubocop-performance (1.21.1)
      rubocop (>= 1.48.1, < 2.0)
      rubocop-ast (>= 1.31.1, < 2.0)
    rubocop-rails (2.26.2)
      activesupport (>= 4.2.0)
      rack (>= 1.1)
      rubocop (>= 1.52.0, < 2.0)
      rubocop-ast (>= 1.31.1, < 2.0)
    rubocop-rspec (3.0.5)
      rubocop (~> 1.61)
    rubocop-rspec_rails (2.30.0)
      rubocop (~> 1.61)
      rubocop-rspec (~> 3, >= 3.0.1)
    ruby-progressbar (1.13.0)
    securerandom (0.4.0)
    simplecov (0.22.0)
      docile (~> 1.1)
      simplecov-html (~> 0.11)
      simplecov_json_formatter (~> 0.1)
    simplecov-html (0.13.1)
    simplecov_json_formatter (0.1.4)
    stringio (3.1.2)
    thor (1.3.2)
    timeout (0.4.3)
    tzinfo (2.0.6)
      concurrent-ruby (~> 1.0)
    unicode-display_width (2.6.0)
    uri (1.0.2)
    useragent (0.16.11)
    webmock (3.24.0)
      addressable (>= 2.8.0)
      crack (>= 0.3.2)
      hashdiff (>= 0.4.0, < 2.0.0)
    zeitwerk (2.7.1)

PLATFORMS
  aarch64-linux
  arm-linux
  arm64-darwin
  ruby
  x86-linux
  x86_64-darwin
  x86_64-linux

DEPENDENCIES
  activesupport
  aws-sdk-core
  byebug
  faraday_middleware-aws-sigv4
  gitlab-active-context!
  gitlab-styles
  rake (~> 13.0)
  redis
  rspec (~> 3.0)
  rspec-rails
  rubocop
  rubocop-rspec
  simplecov
  webmock

CHECKSUMS
  actionpack (8.0.1) sha256=c764e4bfc0ad9d3505c09ef9b6fbf9eca4292793550c6b7e2ea93167181bfcba
  actionview (8.0.1) sha256=3005e3de5ca49ea789bf1ad46002d63fe5aa543c61c341239d3c533757e64f8a
  activemodel (8.0.1) sha256=f46292fd6dcc128e18d588854298a933fd9eb22544c412b414ec02821062dc78
  activerecord (8.0.1) sha256=34a7f0610660bb704f0363025d4b8d35ffe8ddc8f5b8147e0809171f724b5306
  activesupport (8.0.1) sha256=fd5bc74641c24ac3541055c2879789198ff42adee3e39c2933289ba008912e37
  addressable (2.8.7) sha256=462986537cf3735ab5f3c0f557f14155d778f4b43ea4f485a9deb9c8f7c58232
  ast (2.4.2) sha256=1e280232e6a33754cde542bc5ef85520b74db2aac73ec14acef453784447cc12
  aws-eventstream (1.3.0) sha256=f1434cc03ab2248756eb02cfa45e900e59a061d7fbdc4a9fd82a5dd23d796d3f
  aws-partitions (1.1001.0) sha256=2979f3317d3a757508d35d0f322839f422cbc8459589b7cc4a3889d0085a8307
  aws-sdk-core (3.214.0) sha256=24f2a0f29dc3b5d9ee38d6ff8341a66fba48a4ebca2424688f7bac9952d8488b
  aws-sigv4 (1.9.1) sha256=7753e320c39f80f82f9e0883b30de0e7b99e756adbaedc80c50b6ad59d49c379
  base64 (0.2.0) sha256=0f25e9b21a02a0cc0cea8ef92b2041035d39350946e8789c562b2d1a3da01507
  benchmark (0.4.0) sha256=0f12f8c495545e3710c3e4f0480f63f06b4c842cc94cec7f33a956f5180e874a
  bigdecimal (3.1.8) sha256=a89467ed5a44f8ae01824af49cbc575871fa078332e8f77ea425725c1ffe27be
  builder (3.3.0) sha256=497918d2f9dca528fdca4b88d84e4ef4387256d984b8154e9d5d3fe5a9c8835f
  byebug (11.1.3) sha256=2485944d2bb21283c593d562f9ae1019bf80002143cc3a255aaffd4e9cf4a35b
  concurrent-ruby (1.3.4) sha256=d4aa926339b0a86b5b5054a0a8c580163e6f5dcbdfd0f4bb916b1a2570731c32
  connection_pool (2.4.1) sha256=0f40cf997091f1f04ff66da67eabd61a9fe0d4928b9a3645228532512fab62f4
  crack (1.0.0) sha256=c83aefdb428cdc7b66c7f287e488c796f055c0839e6e545fec2c7047743c4a49
  crass (1.0.6) sha256=dc516022a56e7b3b156099abc81b6d2b08ea1ed12676ac7a5657617f012bd45d
  date (3.4.1) sha256=bf268e14ef7158009bfeaec40b5fa3c7271906e88b196d958a89d4b408abe64f
  diff-lcs (1.5.1) sha256=273223dfb40685548436d32b4733aa67351769c7dea621da7d9dd4813e63ddfe
  docile (1.4.1) sha256=96159be799bfa73cdb721b840e9802126e4e03dfc26863db73647204c727f21e
  drb (2.2.1) sha256=e9d472bf785f558b96b25358bae115646da0dbfd45107ad858b0bc0d935cb340
  elasticsearch (7.17.11) sha256=ed080f085d939f21d07f424ebcea95326e4bdb5f770a8f33aac699374f2ffc86
  elasticsearch-api (7.17.11) sha256=fed8f7b64493c97cf3984a33396a798204b54b8e1b01c5b6c099fa3fd4209107
  elasticsearch-transport (7.17.11) sha256=d18057d5295e4c39fe80084ede9e00e9c0e0d74580348985f8677b2fb7f70f03
  erubi (1.13.0) sha256=fca61b47daefd865d0fb50d168634f27ad40181867445badf6427c459c33cd62
  faraday (2.12.2) sha256=157339c25c7b8bcb739f5cf1207cb0cefe8fa1c65027266bcbc34c90c84b9ad6
  faraday-net_http (3.4.0) sha256=a1f1e4cd6a2cf21599c8221595e27582d9936819977bbd4089a601f24c64e54a
  faraday_middleware-aws-sigv4 (1.0.1) sha256=a001ea4f687ca1c60bad8f2a627196905ce3dbf285e461dc153240e92eaabe8f
  gitlab-active-context (0.0.1)
  gitlab-styles (13.0.2) sha256=e662b9334643763b55a861f9e26091096547f98179bd89b0fa8d6c6fb8cec861
  hashdiff (1.1.2) sha256=2c30eeded6ed3dce8401d2b5b99e6963fe5f14ed85e60dd9e33c545a44b71a77
  i18n (1.14.6) sha256=dc229a74f5d181f09942dd60ab5d6e667f7392c4ee826f35096db36d1fe3614c
  io-console (0.8.0) sha256=cd6a9facbc69871d69b2cb8b926fc6ea7ef06f06e505e81a64f14a470fddefa2
  irb (1.14.1) sha256=5975003b58d36efaf492380baa982ceedf5aed36967a4d5b40996bc5c66e80f8
  jmespath (1.6.2) sha256=238d774a58723d6c090494c8879b5e9918c19485f7e840f2c1c7532cf84ebcb1
  json (2.9.0) sha256=7c0ebdad9d030e6d572cd6f1b4e93d1d81b32c4c7dff611c1ef7825110fc6bcf
  language_server-protocol (3.17.0.3) sha256=3d5c58c02f44a20d972957a9febe386d7e7468ab3900ce6bd2b563dd910c6b3f
  logger (1.6.2) sha256=9dfe7ced6d81c3a26b8ab0695b43d5ac0dceb87cc7079570136976fc2fa93261
  loofah (2.23.1) sha256=d0a07422cb3b69272e124afa914ef6d517e30d5496b7f1c1fc5b95481f13f75e
  mini_portile2 (2.8.8) sha256=8e47136cdac04ce81750bb6c09733b37895bf06962554e4b4056d78168d70a75
  minitest (5.25.4) sha256=9cf2cae25ac4dfc90c988ebc3b917f53c054978b673273da1bd20bcb0778f947
  multi_json (1.15.0) sha256=1fd04138b6e4a90017e8d1b804c039031399866ff3fbabb7822aea367c78615d
  net-http (0.6.0) sha256=9621b20c137898af9d890556848c93603716cab516dc2c89b01a38b894e259fb
  nokogiri (1.17.1) sha256=910fe0f194db99677f7ddb21b19a1d071ceffc4a0e39d44c08736d9b1e558cfc
  nokogiri (1.17.1-aarch64-linux) sha256=b3fce09bddfab61ae587f83af97bf0d0834352bcd23ad99831f2993d978627bd
  nokogiri (1.17.1-arm-linux) sha256=b8e9909ff893b257a58066e6bfc39456be18b87f4af1e22ca18d7c0dbc9925e5
  nokogiri (1.17.1-arm64-darwin) sha256=0e79badf832783e81439c3211562ed904a5c8eaaa0038c8fdfdb3778e873f3d0
  nokogiri (1.17.1-x86-linux) sha256=d09565316ffc8f8bb522bd6d1b460dec2a57d23d6e479c2d0d49d9ccbb11076c
  nokogiri (1.17.1-x86_64-darwin) sha256=94bcacacd123379229a8ece0d31c38af36d0ef6f86f399d5813be5ca0f566c88
  nokogiri (1.17.1-x86_64-linux) sha256=2234250605b03433747e8d21de947b38b79f33a4280930e58bec179fd95d415d
  opensearch-ruby (3.4.0) sha256=0a8621686bed3c59b4c23e08cbaef873685a3fe4568e9d2703155ca92b8ca05d
  parallel (1.26.3) sha256=d86babb7a2b814be9f4b81587bf0b6ce2da7d45969fab24d8ae4bf2bb4d4c7ef
  parser (3.3.6.0) sha256=25d4e67cc4f0f7cab9a2ae1f38e2005b6904d2ea13c34734511d0faad038bc3b
  pg (1.5.9) sha256=761efbdf73b66516f0c26fcbe6515dc7500c3f0aa1a1b853feae245433c64fdc
  psych (5.2.1) sha256=f6c8441d21e9df3f9790586eaf80ea472d7c98d1e89c92e68e1b6a85fb6eab66
  public_suffix (6.0.1) sha256=61d44e1cab5cbbbe5b31068481cf16976dd0dc1b6b07bd95617ef8c5e3e00c6f
  racc (1.8.1) sha256=4a7f6929691dbec8b5209a0b373bc2614882b55fc5d2e447a21aaa691303d62f
  rack (3.1.8) sha256=d3fbcbca43dc2b43c9c6d7dfbac01667ae58643c42cea10013d0da970218a1b1
  rack-session (2.0.0) sha256=db04b2063e180369192a9046b4559af311990af38c6a93d4c600cee4eb6d4e81
  rack-test (2.1.0) sha256=0c61fc61904049d691922ea4bb99e28004ed3f43aa5cfd495024cc345f125dfb
  rackup (2.2.1) sha256=f737191fd5c5b348b7f0a4412a3b86383f88c43e13b8217b63d4c8d90b9e798d
  rails-dom-testing (2.2.0) sha256=e515712e48df1f687a1d7c380fd7b07b8558faa26464474da64183a7426fa93b
  rails-html-sanitizer (1.6.1) sha256=e3d2fb10339f03b802e39c7f6cac28c54fd404d3f65ae39c31cca9d150c5cbf0
  railties (8.0.1) sha256=8f653c6b1b0721b553045bd0deda1f22074b9ddc2209526e6f7285fcf607ac51
  rainbow (3.1.1) sha256=039491aa3a89f42efa1d6dec2fc4e62ede96eb6acd95e52f1ad581182b79bc6a
  rake (13.2.1) sha256=46cb38dae65d7d74b6020a4ac9d48afed8eb8149c040eccf0523bec91907059d
  rdoc (6.8.1) sha256=0128002d1bfc4892bdd780940841e4ca41275f63781fd832d11bc8ba4461462c
  redis (5.3.0) sha256=6bf810c5ae889187f0c45f77db503310980310afa57cf1640d57f419ccda72b1
  redis-client (0.23.1) sha256=da8c8d327e41ac0a5f5fa6916539dfc4675997a968791a5acb44df9c710e8cf5
  regexp_parser (2.9.3) sha256=4b620657ed8349d82e1331a076415c79b9dd714a5546162ddd790ea9988f6379
  reline (0.5.12) sha256=41ab36d3fd2aaa169e99f8b82a93b9585f51130529360e24388fcccc20a055a2
  rexml (3.3.9) sha256=d71875b85299f341edf47d44df0212e7658cbdf35aeb69cefdb63f57af3137c9
  rspec (3.13.0) sha256=d490914ac1d5a5a64a0e1400c1d54ddd2a501324d703b8cfe83f458337bab993
  rspec-core (3.13.2) sha256=94fbda6e4738e478f1c7532b7cc241272fcdc8b9eac03a97338b1122e4573300
  rspec-expectations (3.13.3) sha256=0e6b5af59b900147698ea0ff80456c4f2e69cac4394fbd392fbd1ca561f66c58
  rspec-mocks (3.13.2) sha256=2327335def0e1665325a9b617e3af9ae20272741d80ac550336309a7c59abdef
  rspec-rails (7.1.0) sha256=94585b69c4086ca79afae5cc8d2c5e314f6ad32a88c927f9c065b99596e3ee47
  rspec-support (3.13.2) sha256=cea3a2463fd9b84b9dcc9685efd80ea701aa8f7b3decb3b3ce795ed67737dbec
  rubocop (1.68.0) sha256=07df508504d81e97174e8d21030f25d52c1be7ee8615939db43f3b377ea6c12b
  rubocop-ast (1.36.2) sha256=566405b7f983eb9aa3b91d28aca6bc6566e356a97f59e89851dd910aef1dd1ca
  rubocop-capybara (2.21.0) sha256=5d264efdd8b6c7081a3d4889decf1451a1cfaaec204d81534e236bc825b280ab
  rubocop-factory_bot (2.26.1) sha256=8de13cd4edcee5ca800f255188167ecef8dbfc3d1fae9f15734e9d2e755392aa
  rubocop-graphql (1.5.4) sha256=2d888d40b08577daf1e74ca4623be1e3058c1a93543d5a7220818f561a254192
  rubocop-performance (1.21.1) sha256=5cf20002a544275ad6aa99abca4b945d2a2ed71be925c38fe83700360ed8734e
  rubocop-rails (2.26.2) sha256=f5561a09d6afd2f54316f3f0f6057338ca55b6c24a25ba6a938d3ed0fded84ad
  rubocop-rspec (3.0.5) sha256=c6a8e29fb1b00d227c32df159e92f5ebb9e0ff734e52955fb13aff5c74977e0f
  rubocop-rspec_rails (2.30.0) sha256=888112e83f9d7ef7ad2397e9d69a0b9614a4bae24f072c399804a180f80c4c46
  ruby-progressbar (1.13.0) sha256=80fc9c47a9b640d6834e0dc7b3c94c9df37f08cb072b7761e4a71e22cff29b33
  securerandom (0.4.0) sha256=37a844aa4fe4dac8e47c5bc35f91531d4dc636ccee54a1ba1629087dda0a53a8
  simplecov (0.22.0) sha256=fe2622c7834ff23b98066bb0a854284b2729a569ac659f82621fc22ef36213a5
  simplecov-html (0.13.1) sha256=5dab0b7ee612e60e9887ad57693832fdf4695b4c0c859eaea5f95c18791ef10b
  simplecov_json_formatter (0.1.4) sha256=529418fbe8de1713ac2b2d612aa3daa56d316975d307244399fa4838c601b428
  stringio (3.1.2) sha256=204f1828f85cdb39d57cac4abc6dc44b04505a223f131587f2e20ae3729ba131
  thor (1.3.2) sha256=eef0293b9e24158ccad7ab383ae83534b7ad4ed99c09f96f1a6b036550abbeda
  timeout (0.4.3) sha256=9509f079b2b55fe4236d79633bd75e34c1c1e7e3fb4b56cb5fda61f80a0fe30e
  tzinfo (2.0.6) sha256=8daf828cc77bcf7d63b0e3bdb6caa47e2272dcfaf4fbfe46f8c3a9df087a829b
  unicode-display_width (2.6.0) sha256=12279874bba6d5e4d2728cef814b19197dbb10d7a7837a869bab65da943b7f5a
  uri (1.0.2) sha256=b303504ceb7e5905771fa7fa14b649652fa949df18b5880d69cfb12494791e27
  useragent (0.16.11) sha256=700e6413ad4bb954bb63547fa098dddf7b0ebe75b40cc6f93b8d54255b173844
  webmock (3.24.0) sha256=be01357f6fc773606337ca79f3ba332b7d52cbe5c27587671abc0572dbec7122
  zeitwerk (2.7.1) sha256=0945986050e4907140895378e74df1fe882a2271ed087cc6c6d6b00d415a2756

BUNDLED WITH
   2.6.5
